GEM
  remote: http://rubygems.org/
  specs:
    rack (1.3.2)
    rack-rewrite (1.2.1)

PLATFORMS
  x86-mingw32

DEPENDENCIES
  rack
  rack-rewrite
